GEM
  remote: http://rubygems.org/
  specs:
    activemodel (4.1.7)
      activesupport (= 4.1.7)
      builder (~> 3.1)
    activesupport (4.1.7)
      i18n (~> 0.6, >= 0.6.9)
      json (~> 1.7, >= 1.7.7)
      minitest (~> 5.1)
      thread_safe (~> 0.1)
      tzinfo (~> 1.1)
    amq-protocol (1.9.2)
    bson (2.3.0)
    builder (3.2.2)
    bundler-unload (1.0.2)
    bunny (1.5.1)
      amq-protocol (>= 1.9.2)
    celluloid (0.16.0)
      timers (~> 4.0.0)
    colorize (0.7.3)
    connection_pool (2.0.0)
    elasticsearch (1.0.6)
      elasticsearch-api (= 1.0.6)
      elasticsearch-transport (= 1.0.6)
    elasticsearch-api (1.0.6)
      multi_json
    elasticsearch-transport (1.0.6)
      faraday
      multi_json
    executable-hooks (1.3.2)
    faraday (0.9.0)
      multipart-post (>= 1.2, < 3)
    git-smart (0.1.10)
      colorize
    hashie (3.3.1)
    hitimes (1.2.2)
    i18n (0.6.11)
    inflection (1.0.0)
    json (1.8.1)
    mime-types (1.25.1)
    minitest (5.4.2)
    mongoid (4.0.0)
      activemodel (~> 4.0)
      moped (~> 2.0.0)
      origin (~> 2.1)
      tzinfo (>= 0.3.37)
    mongoid-elasticsearch (0.8.3)
      elasticsearch (~> 1.0.1)
      mongoid (>= 3.0, < 4.1)
      ruby-progressbar
    moped (2.0.1)
      bson (~> 2.2)
      connection_pool (~> 2.0)
      optionable (~> 0.2.0)
    multi_json (1.10.1)
    multipart-post (2.0.0)
    optionable (0.2.0)
    origin (2.1.1)
    redis (3.1.0)
    ruby-progressbar (1.6.1)
    rubygems-bundler (1.4.4)
      bundler-unload (>= 1.0.2)
      executable-hooks (>= 1.3.2)
    rufus-scheduler (3.0.9)
      tzinfo
    thread_safe (0.3.4)
    timers (4.0.1)
      hitimes
    tzinfo (1.2.2)
      thread_safe (~> 0.1)
    zendesk_api (1.4.6)
      faraday (~> 0.9)
      hashie (>= 1.2, < 4.0)
      inflection
      mime-types (~> 1.0)
      multi_json
      multipart-post (~> 2.0)

PLATFORMS
  ruby

DEPENDENCIES
  activesupport
  bunny
  celluloid
  git-smart
  mongoid
  mongoid-elasticsearch
  redis
  rubygems-bundler
  rufus-scheduler
  zendesk_api
